PATH
  remote: .
  specs:
    what_to_run (0.0.1.pre)
      rugged (~> 0.21, >= 0.21.0)

GEM
  remote: https://rubygems.org/
  specs:
    diff-lcs (1.2.5)
    rake (10.4.2)
    rake-compiler (0.9.5)
      rake
    rspec (3.2.0)
      rspec-core (~> 3.2.0)
      rspec-expectations (~> 3.2.0)
      rspec-mocks (~> 3.2.0)
    rspec-core (3.2.0)
      rspec-support (~> 3.2.0)
    rspec-expectations (3.2.0)
      diff-lcs (>= 1.2.0, < 2.0)
      rspec-support (~> 3.2.0)
    rspec-mocks (3.2.0)
      diff-lcs (>= 1.2.0, < 2.0)
      rspec-support (~> 3.2.0)
    rspec-support (3.2.1)
    rugged (0.23.0b1)

PLATFORMS
  ruby

DEPENDENCIES
  rake
  rake-compiler (~> 0.9, >= 0.9.0)
  rspec (~> 3.2)
  what_to_run!
