PATH
  remote: ../../../../../what_to_run
  specs:
    what_to_run (1.0.2)
      rugged (~> 0.21, >= 0.21.0)
      sqlite3 (~> 1.3, >= 1.3.10)

GEM
  remote: https://rubygems.org/
  specs:
    diff-lcs (1.2.5)
    rspec (3.2.0)
      rspec-core (~> 3.2.0)
      rspec-expectations (~> 3.2.0)
      rspec-mocks (~> 3.2.0)
    rspec-core (3.2.3)
      rspec-support (~> 3.2.0)
    rspec-expectations (3.2.1)
      diff-lcs (>= 1.2.0, < 2.0)
      rspec-support (~> 3.2.0)
    rspec-mocks (3.2.1)
      diff-lcs (>= 1.2.0, < 2.0)
      rspec-support (~> 3.2.0)
    rspec-support (3.2.2)
    rugged (0.21.4)
    sqlite3 (1.3.10)

PLATFORMS
  ruby

DEPENDENCIES
  rspec
  what_to_run!
